GEM
  remote: https://rubygems.org/
  specs:
    mail (2.7.1)
      mini_mime (>= 0.1.1)
    mini_mime (1.0.2)
    warning (0.10.1)

PLATFORMS
  ruby

DEPENDENCIES
  mail
  warning

BUNDLED WITH
   1.16.3
